GEM
  remote: https://rubygems.org/
  specs:
    dbt (1.1.4)
    motion-kit (0.9.4)
      dbt
    rake (12.3.1)

PLATFORMS
  ruby

DEPENDENCIES
  motion-kit
  rake

BUNDLED WITH
   1.16.2
