GEM
  remote: https://rubygems.org/
  specs:
    ProMotion (1.1.2)
      methadone
    methadone (1.3.1)
      bundler
    rake (12.3.1)

PLATFORMS
  ruby

DEPENDENCIES
  ProMotion
  rake

BUNDLED WITH
   1.16.2
