GEM
  remote: https://rubygems.org/
  specs:
    rake (12.3.1)
    ruby_motion_query (0.5.5)

PLATFORMS
  ruby

DEPENDENCIES
  rake
  ruby_motion_query

BUNDLED WITH
   1.16.2
